PATH
  remote: .
  specs:
    google_recruit_problem (0.1.1)

GEM
  remote: https://rubygems.org/
  specs:
    power_assert (2.0.1)
    primality (0.1.0)
    rake (13.0.6)
    test-unit (3.5.1)
      power_assert

PLATFORMS
  x86_64-darwin-19

DEPENDENCIES
  google_recruit_problem!
  primality (~> 0.1.0)
  rake (~> 13.0)
  test-unit (~> 3.0)

BUNDLED WITH
   2.2.32
